GEM
  remote: http://rubygems.org/
  specs:
    active_support (3.0.0)
      activesupport (= 3.0.0)
    activesupport (3.0.0)
    daemons (1.1.4)
    eventmachine (0.12.10)
    mysql (2.8.1)
    rack (1.3.4)
    rack-cache (1.1)
      rack (>= 0.4)
    rack-protection (1.1.4)
      rack
    rack-test (0.6.1)
      rack (>= 1.0)
    shotgun (0.9)
      rack (>= 1.0)
    sinatra (1.3.1)
      rack (~> 1.3, >= 1.3.4)
      rack-protection (~> 1.1, >= 1.1.2)
      tilt (~> 1.3, >= 1.3.3)
    thin (1.2.11)
      daemons (>= 1.0.9)
      eventmachine (>= 0.12.6)
      rack (>= 1.0.0)
    tilt (1.3.3)

PLATFORMS
  ruby

DEPENDENCIES
  active_support
  mysql
  rack
  rack-cache
  rack-test
  shotgun
  sinatra
  thin
